PATH
  remote: ./../bears-client-generated/ruby-client/
  specs:
    swagger_client (1.0.1)
      json (~> 1.8, >= 1.8.3)
      typhoeus (~> 1.0, >= 1.0.1)

GEM
  remote: https://rubygems.org/
  specs:
    ethon (0.9.0)
      ffi (>= 1.3.0)
    ffi (1.9.10)
    json (1.8.3)
    typhoeus (1.0.2)
      ethon (>= 0.9.0)

PLATFORMS
  ruby

DEPENDENCIES
  swagger_client!

BUNDLED WITH
   1.11.2
